GEM
  remote: http://rubygems.org/
  specs:
    RedCloth (4.2.9)
    addressable (2.4.0)
    chunky_png (1.4.0)
    colorator (0.1)
    compass (1.0.3)
      chunky_png (~> 1.2)
      compass-core (~> 1.0.2)
      compass-import-once (~> 1.0.5)
      rb-fsevent (>= 0.9.3)
      rb-inotify (>= 0.9)
      sass (>= 3.3.13, < 3.5)
    compass-core (1.0.3)
      multi_json (~> 1.0)
      sass (>= 3.3.0, < 3.5)
    compass-import-once (1.0.5)
      sass (>= 3.2, < 3.5)
    execjs (2.5.2)
    ffi (1.17.0-x86_64-darwin)
    haml (4.0.7)
      tilt
    jekyll (3.0.5)
      colorator (~> 0.1)
      jekyll-sass-converter (~> 1.0)
      jekyll-watch (~> 1.1)
      kramdown (~> 1.3)
      liquid (~> 3.0)
      mercenary (~> 0.3.3)
      rouge (~> 1.7)
      safe_yaml (~> 1.0)
    jekyll-paginate (1.1.0)
    jekyll-sass-converter (1.5.2)
      sass (~> 3.4)
    jekyll-sitemap (0.11.0)
      addressable (~> 2.4.0)
    jekyll-watch (1.5.1)
      listen (~> 3.0)
    kramdown (1.17.0)
    libv8 (3.16.14.19.1-x86_64-darwin)
    liquid (3.0.6)
    listen (3.1.5)
      rb-fsevent (~> 0.9, >= 0.9.4)
      rb-inotify (~> 0.9, >= 0.9.7)
      ruby_dep (~> 1.2)
    mercenary (0.3.6)
    multi_json (1.15.0)
    octopress-date-format (3.0.3)
      jekyll (>= 2.0)
    octopress-hooks (2.6.2)
      jekyll (>= 2.0)
    pygments.rb (3.0.0)
    rack (1.4.7)
    rack-protection (1.5.5)
      rack
    rake (10.5.0)
    rb-fsevent (0.9.8)
    rb-inotify (0.11.1)
      ffi (~> 1.0)
    rdiscount (2.2.7.3)
    ref (2.0.0)
    rouge (1.11.1)
    ruby_dep (1.5.0)
    rubypants (0.2.0)
    safe_yaml (1.0.5)
    sass (3.4.25)
    sinatra (1.4.6)
      rack (~> 1.4)
      rack-protection (~> 1.4)
      tilt (>= 1.3, < 3)
    stringex (1.4.0)
    therubyracer (0.12.3)
      libv8 (~> 3.16.14.15)
      ref
    tilt (2.4.0)

PLATFORMS
  x86_64-darwin-17

DEPENDENCIES
  RedCloth (~> 4.2.9)
  compass (~> 1.0.1)
  execjs (~> 2.5.2)
  haml (~> 4.0)
  jekyll (~> 3.0.1)
  jekyll-paginate
  jekyll-sitemap
  octopress-date-format (~> 3.0.3)
  octopress-hooks (~> 2.2)
  pygments.rb (~> 3.0.0)
  rack (~> 1.4.1)
  rake (~> 10.5.0)
  rb-fsevent (~> 0.9.4)
  rdiscount (~> 2.0)
  rubypants (~> 0.2.0)
  sinatra (~> 1.4.2)
  stringex (~> 1.4.0)
  therubyracer (~> 0.12.2)

BUNDLED WITH
   2.4.22
